GEM
  remote: http://rubygems.org/
  specs:
    json (1.8.3)

PLATFORMS
  ruby

DEPENDENCIES
  json (~> 1.8.3)
